GEM
  remote: https://rubygems.org/
  specs:
    exiftool (0.6.0)
      json
    json (1.8.1)
    rainbow (2.0.0)
    ruby-progressbar (1.6.1)

PLATFORMS
  ruby

DEPENDENCIES
  exiftool
  rainbow
  ruby-progressbar
